GEM
  remote: https://rubygems.org/
  specs:
    colorize (0.7.7)
    mini_exiftool (2.5.0)
    thor (0.19.1)

PLATFORMS
  ruby

DEPENDENCIES
  colorize
  mini_exiftool
  thor

BUNDLED WITH
   1.10.6
